GEM
  remote: https://rubygems.org/
  specs:
    rack (2.0.7)
    shotgun (0.9.2)
      rack (>= 1.0)

PLATFORMS
  ruby

DEPENDENCIES
  shotgun

RUBY VERSION
   ruby 2.5.5p157

BUNDLED WITH
   2.0.1
